GEM
  remote: http://rubygems.org/
  specs:
    aylien_text_api (0.7.0)
    builder (3.2.3)
    childprocess (0.8.0)
      ffi (~> 1.0, >= 1.0.11)
    coderay (1.1.2)
    domain_name (0.5.20170404)
      unf (>= 0.0.5, < 1.0.0)
    ffi (1.9.18)
    http-cookie (1.0.3)
      domain_name (~> 0.5)
    method_source (0.9.0)
    mime-types (3.1)
      mime-types-data (~> 3.2015)
    mime-types-data (3.2016.0521)
    mini_portile2 (2.3.0)
    netrc (0.11.0)
    nokogiri (1.8.1)
      mini_portile2 (~> 2.3.0)
    pry (0.11.3)
      coderay (~> 1.1.0)
      method_source (~> 0.9.0)
    rake (12.3.0)
    rest-client (2.0.2)
      http-cookie (>= 1.0.2, < 2.0)
      mime-types (>= 1.16, < 4.0)
      netrc (~> 0.8)
    rubyzip (1.2.1)
    selenium-webdriver (3.8.0)
      childprocess (~> 0.5)
      rubyzip (~> 1.0)
    sentimental (1.4.1)
    smarter_csv (1.1.5)
    unf (0.1.4)
      unf_ext
    unf_ext (0.0.7.4)
    watir (6.10.2)
      selenium-webdriver (~> 3.4, >= 3.4.1)

PLATFORMS
  ruby

DEPENDENCIES
  aylien_text_api (~> 0.7.0)
  builder (~> 3.2, >= 3.2.3)
  nokogiri (~> 1.8, >= 1.8.1)
  pry (~> 0.11.3)
  rake (~> 12.3)
  rest-client (~> 2.0, >= 2.0.2)
  sentimental (~> 1.4, >= 1.4.1)
  smarter_csv (~> 1.1, >= 1.1.5)
  watir (~> 6.0)

BUNDLED WITH
   1.16.1
